PATH
  remote: .
  specs:
    shopify_css (15.0.2)
      rake
      scss_lint (= 0.40.1)

GEM
  specs:
    rainbow (2.1.0)
    rake (11.3.0)
    sass (3.4.22)
    scss_lint (0.40.1)
      rainbow (~> 2.0)
      sass (~> 3.4.1)

PLATFORMS
  ruby

DEPENDENCIES
  shopify_css!

BUNDLED WITH
   1.13.1
